{
	"Modality": "MR",
	"MagneticFieldStrength": 3,
	"Manufacturer": "Siemens",
	"ManufacturersModelName": "Skyra",
	"InstitutionalDepartmentName": "Department",
	"DeviceSerialNumber": "45106",
	"StationName": "MR1L6",
	"BodyPartExamined": "HEAD",
	"PatientPosition": "HFS",
	"ProcedureStepDescription": "MRIBRNWO_098",
	"SoftwareVersions": "syngo_MR_D11",
	"MRAcquisitionType": "2D",
	"SeriesDescription": "DIFFUSION_60dir_B2000",
	"ProtocolName": "DIFFUSION_60dir_B2000",
	"ScanningSequence": "EP",
	"SequenceVariant": "SK_SP",
	"ScanOptions": "PFP_FS",
	"SequenceName": "r1_b0",
	"ImageType": ["ORIGINAL", "PRIMARY", "DIFFUSION", "NONE", "ND", "NORM"],
	"SeriesNumber": 5,
	"AcquisitionNumber": 1,
	"SliceThickness": 2,
	"SpacingBetweenSlices": 2,
	"SAR": 0.2332,
	"EchoTime": 0.098,
	"RepetitionTime": 13.7,
	"FlipAngle": 90,
	"PartialFourier": 0.75,
	"BaseResolution": 128,
	"ShimSetting": [
		4005,
		1105,
		-11627,
		608,
		-803,
		-426,
		329,
		204	],
	"TxRefAmp": 315.705,
	"PhaseResolution": 1,
	"ReceiveCoilName": "Head_32",
	"ReceiveCoilActiveElements": "HEA;HEP",
	"PulseSequenceDetails": "%CustomerSeq%_ep2d_diff_mgh_r1",
	"ConsistencyInfo": "N4_VD11D_LATEST_20110129",
	"PercentPhaseFOV": 81.25,
	"EchoTrainLength": 42,
	"PhaseEncodingSteps": 84,
	"AcquisitionMatrixPE": 104,
	"ReconMatrixPE": 104,
	"BandwidthPerPixelPhaseEncode": 20.458,
	"ParallelReductionFactorInPlane": 2,
	"EffectiveEchoSpacing": 0.000470006,
	"DerivedVendorReportedEchoSpacing": 0.000940012,
	"TotalReadoutTime": 0.0484106,
	"PixelBandwidth": 1395,
	"DwellTime": 2.8e-06,
	"PhaseEncodingDirection": "j-",
	"ImageOrientationPatientDICOM": [
		0.999999,
		0.00110358,
		0.000220513,
		-0.00112539,
		0.980614,
		0.195946	],
	"InPlanePhaseEncodingDirectionDICOM": "COL",
	"ConversionSoftware": "dcm2niix",
	"ConversionSoftwareVersion": "v1.0.20180622 (JP2:OpenJPEG) (JP-LS:CharLS) GCC5.5.0"
}
